{
  "TaskName": "001",
  "SamplingFrequency": 200,
  "EEGChannelCount": 21,
  "EOGChannelCount": 0,
  "ECGChannelCount": 0,
  "EMGChannelCount": 0,
  "MiscChannelCount":  0,
  "TriggerChannelCount":  0,
  "EEGPlacementScheme": "10-10",
  "EEGReference": "common",
  "PowerLineFrequency": 60,
  "SoftwareFilters": "n/a",
  "RecordingDuration": 720.32,
  "RecordingType": "continuous"
}
